GEM
  remote: https://rubygems.org/
  specs:
    actioncable (5.2.8.1)
      actionpack (= 5.2.8.1)
      nio4r (~> 2.0)
      websocket-driver (>= 0.6.1)
    actionmailer (5.2.8.1)
      actionpack (= 5.2.8.1)
      actionview (= 5.2.8.1)
      activejob (= 5.2.8.1)
      mail (~> 2.5, >= 2.5.4)
      rails-dom-testing (~> 2.0)
    actionpack (5.2.8.1)
      actionview (= 5.2.8.1)
      activesupport (= 5.2.8.1)
      rack (~> 2.0, >= 2.0.8)
      rack-test (>= 0.6.3)
      rails-dom-testing (~> 2.0)
      rails-html-sanitizer (~> 1.0, >= 1.0.2)
    actionview (5.2.8.1)
      activesupport (= 5.2.8.1)
      builder (~> 3.1)
      erubi (~> 1.4)
      rails-dom-testing (~> 2.0)
      rails-html-sanitizer (~> 1.0, >= 1.0.3)
    active_model_serializers (0.10.13)
      actionpack (>= 4.1, < 7.1)
      activemodel (>= 4.1, < 7.1)
      case_transform (>= 0.2)
      jsonapi-renderer (>= 0.1.1.beta1, < 0.3)
    activejob (5.2.8.1)
      activesupport (= 5.2.8.1)
      globalid (>= 0.3.6)
    activemodel (5.2.8.1)
      activesupport (= 5.2.8.1)
    activerecord (5.2.8.1)
      activemodel (= 5.2.8.1)
      activesupport (= 5.2.8.1)
      arel (>= 9.0)
    activestorage (5.2.8.1)
      actionpack (= 5.2.8.1)
      activerecord (= 5.2.8.1)
      marcel (~> 1.0.0)
    activesupport (5.2.8.1)
      concurrent-ruby (~> 1.0, >= 1.0.2)
      i18n (>= 0.7, < 2)
      minitest (~> 5.1)
      tzinfo (~> 1.1)
    addressable (2.8.4)
      public_suffix (>= 2.0.2, < 6.0)
    annotate (3.2.0)
      activerecord (>= 3.2, < 8.0)
      rake (>= 10.4, < 14.0)
    archive-zip (0.12.0)
      io-like (~> 0.3.0)
    arel (9.0.0)
    ast (2.4.2)
    autoprefixer-rails (10.4.13.0)
      execjs (~> 2)
    axiom-types (0.1.1)
      descendants_tracker (~> 0.0.4)
      ice_nine (~> 0.11.0)
      thread_safe (~> 0.3, >= 0.3.1)
    bcrypt (3.1.18)
    bindex (0.8.1)
    binding_of_caller (1.0.0)
      debug_inspector (>= 0.0.1)
    bootstrap (5.2.3)
      autoprefixer-rails (>= 9.1.0)
      popper_js (>= 2.11.6, < 3)
      sassc-rails (>= 2.0.0)
    bootstrap4-kaminari-views (1.0.1)
      kaminari (>= 0.13)
      rails (>= 3.1)
    brakeman (5.4.1)
    builder (3.2.4)
    bullet (7.0.7)
      activesupport (>= 3.0.0)
      uniform_notifier (~> 1.11)
    bundler-audit (0.9.1)
      bundler (>= 1.2.0, < 3)
      thor (~> 1.0)
    byebug (11.1.3)
    capybara (3.36.0)
      addressable
      matrix
      mini_mime (>= 0.1.3)
      nokogiri (~> 1.8)
      rack (>= 1.6.0)
      rack-test (>= 0.6.3)
      regexp_parser (>= 1.5, < 3.0)
      xpath (~> 3.2)
    capybara-email (3.0.2)
      capybara (>= 2.4, < 4.0)
      mail
    case_transform (0.2)
      activesupport
    childprocess (4.1.0)
    choice (0.2.0)
    chromedriver-helper (2.1.1)
      archive-zip (~> 0.10)
      nokogiri (~> 1.8)
    coderay (1.1.3)
    coercible (1.0.0)
      descendants_tracker (~> 0.0.1)
    concurrent-ruby (1.2.2)
    crack (0.4.5)
      rexml
    crass (1.0.6)
    date (3.3.3)
    debug_inspector (1.1.0)
    descendants_tracker (0.0.4)
      thread_safe (~> 0.3, >= 0.3.1)
    diff-lcs (1.5.0)
    diffy (3.4.2)
    docile (1.4.0)
    dotenv (2.8.1)
    dotenv-rails (2.8.1)
      dotenv (= 2.8.1)
      railties (>= 3.2)
    email_spec (2.2.1)
      htmlentities (~> 4.3.3)
      launchy (~> 2.1)
      mail (~> 2.7)
    erubi (1.12.0)
    execjs (2.8.1)
    factory_bot (6.2.1)
      activesupport (>= 5.0.0)
    factory_bot_rails (6.2.0)
      factory_bot (~> 6.2.0)
      railties (>= 5.0.0)
    faker (2.22.0)
      i18n (>= 1.8.11, < 2)
    faraday (2.7.5)
      faraday-net_http (>= 2.0, < 3.1)
      ruby2_keywords (>= 0.0.4)
    faraday-net_http (3.0.2)
    ffi (1.15.5)
    flatpickr_rails (1.1.0)
      railties (>= 3.0)
    foreman (0.87.2)
    formatador (1.1.0)
    globalid (1.1.0)
      activesupport (>= 5.0)
    guard (2.18.0)
      formatador (>= 0.2.4)
      listen (>= 2.7, < 4.0)
      lumberjack (>= 1.0.12, < 2.0)
      nenv (~> 0.1)
      notiffany (~> 0.0)
      pry (>= 0.13.0)
      shellany (~> 0.0)
      thor (>= 0.18.1)
    guard-compat (1.2.1)
    guard-rspec (4.7.3)
      guard (~> 2.1)
      guard-compat (~> 1.1)
      rspec (>= 2.99.0, < 4.0)
    guard-rubocop (1.5.0)
      guard (~> 2.0)
      rubocop (< 2.0)
    hashdiff (1.0.1)
    hashie (5.0.0)
    htmlentities (4.3.4)
    i18n (1.14.1)
      concurrent-ruby (~> 1.0)
    ice_nine (0.11.2)
    iniparse (1.5.0)
    interception (0.5)
    io-like (0.3.1)
    jquery-rails (4.5.1)
      rails-dom-testing (>= 1, < 3)
      railties (>= 4.2.0)
      thor (>= 0.14, < 2.0)
    json (2.6.3)
    jsonapi-renderer (0.2.2)
    jwt (2.7.0)
    kaminari (1.2.2)
      activesupport (>= 4.1.0)
      kaminari-actionview (= 1.2.2)
      kaminari-activerecord (= 1.2.2)
      kaminari-core (= 1.2.2)
    kaminari-actionview (1.2.2)
      actionview
      kaminari-core (= 1.2.2)
    kaminari-activerecord (1.2.2)
      activerecord
      kaminari-core (= 1.2.2)
    kaminari-core (1.2.2)
    launchy (2.5.2)
      addressable (~> 2.8)
    letter_opener (1.8.1)
      launchy (>= 2.2, < 3)
    letter_opener_web (1.4.1)
      actionmailer (>= 3.2)
      letter_opener (~> 1.0)
      railties (>= 3.2)
    listen (3.3.0.pre.3)
      rb-fsevent (~> 0.10, >= 0.10.3)
      rb-inotify (~> 0.9, >= 0.9.10)
    lograge (0.12.0)
      actionpack (>= 4)
      activesupport (>= 4)
      railties (>= 4)
      request_store (~> 1.0)
    loofah (2.21.3)
      crass (~> 1.0.2)
      nokogiri (>= 1.12.0)
    lumberjack (1.2.8)
    mail (2.8.1)
      mini_mime (>= 0.1.1)
      net-imap
      net-pop
      net-smtp
    marcel (1.0.2)
    matrix (0.4.2)
    method_source (1.0.0)
    mini_mime (1.1.2)
    mini_portile2 (2.8.2)
    minitest (5.18.0)
    multi_xml (0.6.0)
    nenv (0.3.0)
    net-imap (0.3.4)
      date
      net-protocol
    net-pop (0.1.2)
      net-protocol
    net-protocol (0.2.1)
      timeout
    net-smtp (0.3.3)
      net-protocol
    nio4r (2.5.9)
    nokogiri (1.13.10)
      mini_portile2 (~> 2.8.0)
      racc (~> 1.4)
    nokogiri (1.13.10-arm64-darwin)
      racc (~> 1.4)
    notiffany (0.1.3)
      nenv (~> 0.1)
      shellany (~> 0.0)
    oauth (0.6.2)
      snaky_hash (~> 2.0)
      version_gem (~> 1.1)
    oauth2 (2.0.9)
      faraday (>= 0.17.3, < 3.0)
      jwt (>= 1.0, < 3.0)
      multi_xml (~> 0.5)
      rack (>= 1.2, < 4)
      snaky_hash (~> 2.0)
      version_gem (~> 1.1)
    overcommit (0.60.0)
      childprocess (>= 0.6.3, < 5)
      iniparse (~> 1.4)
      rexml (~> 3.2)
    parallel (1.23.0)
    parser (3.2.2.1)
      ast (~> 2.4.1)
    pg (1.5.3)
    popper_js (2.11.7)
    pry (0.13.1)
      coderay (~> 1.1)
      method_source (~> 1.0)
    pry-alias (0.0.1)
      binding_of_caller
      pry
    pry-byebug (3.9.0)
      byebug (~> 11.0)
      pry (~> 0.13.0)
    pry-doc (1.4.0)
      pry (~> 0.11)
      yard (~> 0.9.11)
    pry-rails (0.3.9)
      pry (>= 0.10.4)
    pry-rescue (1.5.2)
      interception (>= 0.5)
      pry (>= 0.12.0)
    pry-stack_explorer (0.6.1)
      binding_of_caller (~> 1.0)
      pry (~> 0.13)
    public_suffix (5.0.1)
    puma (4.3.12)
      nio4r (~> 2.0)
    racc (1.6.2)
    rack (2.2.7)
    rack-proxy (0.7.6)
      rack
    rack-test (2.1.0)
      rack (>= 1.3)
    rails (5.2.8.1)
      actioncable (= 5.2.8.1)
      actionmailer (= 5.2.8.1)
      actionpack (= 5.2.8.1)
      actionview (= 5.2.8.1)
      activejob (= 5.2.8.1)
      activemodel (= 5.2.8.1)
      activerecord (= 5.2.8.1)
      activestorage (= 5.2.8.1)
      activesupport (= 5.2.8.1)
      bundler (>= 1.3.0)
      railties (= 5.2.8.1)
      sprockets-rails (>= 2.0.0)
    rails-dom-testing (2.0.3)
      activesupport (>= 4.2.0)
      nokogiri (>= 1.6)
    rails-erd (1.7.2)
      activerecord (>= 4.2)
      activesupport (>= 4.2)
      choice (~> 0.2.0)
      ruby-graphviz (~> 1.2)
    rails-html-sanitizer (1.5.0)
      loofah (~> 2.19, >= 2.19.1)
    railties (5.2.8.1)
      actionpack (= 5.2.8.1)
      activesupport (= 5.2.8.1)
      method_source
      rake (>= 0.8.7)
      thor (>= 0.19.0, < 2.0)
    rainbow (3.1.1)
    rake (13.0.6)
    rb-fsevent (0.11.2)
    rb-inotify (0.10.1)
      ffi (~> 1.0)
    regexp_parser (2.8.0)
    request_store (1.5.1)
      rack (>= 1.4)
    rexml (3.2.5)
    ridgepole (1.2.0)
      activerecord (>= 5.1, < 7.1)
      diffy
    rspec (3.12.0)
      rspec-core (~> 3.12.0)
      rspec-expectations (~> 3.12.0)
      rspec-mocks (~> 3.12.0)
    rspec-core (3.12.2)
      rspec-support (~> 3.12.0)
    rspec-expectations (3.12.3)
      diff-lcs (>= 1.2.0, < 2.0)
      rspec-support (~> 3.12.0)
    rspec-mocks (3.12.5)
      diff-lcs (>= 1.2.0, < 2.0)
      rspec-support (~> 3.12.0)
    rspec-rails (5.1.2)
      actionpack (>= 5.2)
      activesupport (>= 5.2)
      railties (>= 5.2)
      rspec-core (~> 3.10)
      rspec-expectations (~> 3.10)
      rspec-mocks (~> 3.10)
      rspec-support (~> 3.10)
    rspec-support (3.12.0)
    rspec_junit_formatter (0.6.0)
      rspec-core (>= 2, < 4, != 2.12.0)
    rubocop (1.50.2)
      json (~> 2.3)
      parallel (~> 1.10)
      parser (>= 3.2.0.0)
      rainbow (>= 2.2.2, < 4.0)
      regexp_parser (>= 1.8, < 3.0)
      rexml (>= 3.2.5, < 4.0)
      rubocop-ast (>= 1.28.0, < 2.0)
      ruby-progressbar (~> 1.7)
      unicode-display_width (>= 2.4.0, < 3.0)
    rubocop-ast (1.29.0)
      parser (>= 3.2.1.0)
    rubocop-capybara (2.18.0)
      rubocop (~> 1.41)
    rubocop-performance (1.17.1)
      rubocop (>= 1.7.0, < 2.0)
      rubocop-ast (>= 0.4.0)
    rubocop-rails (2.19.1)
      activesupport (>= 4.2.0)
      rack (>= 1.1)
      rubocop (>= 1.33.0, < 2.0)
    rubocop-rspec (2.20.0)
      rubocop (~> 1.33)
      rubocop-capybara (~> 2.17)
    ruby-graphviz (1.2.5)
      rexml
    ruby-progressbar (1.13.0)
    ruby2_keywords (0.0.5)
    rubyzip (2.3.2)
    sass (3.7.4)
      sass-listen (~> 4.0.0)
    sass-listen (4.0.0)
      rb-fsevent (~> 0.9, >= 0.9.4)
      rb-inotify (~> 0.9, >= 0.9.7)
    sass-rails (6.0.0)
      sassc-rails (~> 2.1, >= 2.1.1)
    sassc (2.4.0)
      ffi (~> 1.9)
    sassc-rails (2.1.2)
      railties (>= 4.0.0)
      sassc (>= 2.0)
      sprockets (> 3.0)
      sprockets-rails
      tilt
    scss_lint (0.60.0)
      sass (~> 3.5, >= 3.5.5)
    selenium-webdriver (4.1.0)
      childprocess (>= 0.5, < 5.0)
      rexml (~> 3.2, >= 3.2.5)
      rubyzip (>= 1.2.2)
    semantic_range (3.0.0)
    settingslogic (2.0.9)
    shellany (0.0.1)
    simple_form (5.2.0)
      actionpack (>= 5.2)
      activemodel (>= 5.2)
    simplecov (0.22.0)
      docile (~> 1.1)
      simplecov-html (~> 0.11)
      simplecov_json_formatter (~> 0.1)
    simplecov-html (0.12.3)
    simplecov_json_formatter (0.1.4)
    slim (5.1.1)
      temple (~> 0.10.0)
      tilt (>= 2.1.0)
    slim-rails (3.6.2)
      actionpack (>= 3.1)
      railties (>= 3.1)
      slim (>= 3.0, < 6.0, != 5.0.0)
    slim_lint (0.24.0)
      rubocop (>= 1.0, < 2.0)
      slim (>= 3.0, < 6.0)
    snaky_hash (2.0.1)
      hashie
      version_gem (~> 1.1, >= 1.1.1)
    sorcery (0.16.5)
      bcrypt (~> 3.1)
      oauth (>= 0.6)
      oauth2 (~> 2.0)
    spring (2.1.1)
    spring-commands-rspec (1.0.4)
      spring (>= 0.9.1)
    spring-watcher-listen (2.0.1)
      listen (>= 2.7, < 4.0)
      spring (>= 1.2, < 3.0)
    sprockets (4.2.0)
      concurrent-ruby (~> 1.0)
      rack (>= 2.2.4, < 4)
    sprockets-rails (3.4.2)
      actionpack (>= 5.2)
      activesupport (>= 5.2)
      sprockets (>= 3.0.0)
    temple (0.10.2)
    thor (1.2.2)
    thread_safe (0.3.6)
    tilt (2.2.0)
    timecop (0.9.6)
    timeout (0.3.2)
    tzinfo (1.2.11)
      thread_safe (~> 0.1)
    uglifier (4.2.0)
      execjs (>= 0.3.0, < 3)
    unicode-display_width (2.4.2)
    uniform_notifier (1.16.0)
    vcr (6.1.0)
    version_gem (1.1.3)
    virtus (2.0.0)
      axiom-types (~> 0.1)
      coercible (~> 1.0)
      descendants_tracker (~> 0.0, >= 0.0.3)
    web-console (3.7.0)
      actionview (>= 5.0)
      activemodel (>= 5.0)
      bindex (>= 0.4.0)
      railties (>= 5.0)
    webmock (3.18.1)
      addressable (>= 2.8.0)
      crack (>= 0.3.2)
      hashdiff (>= 0.4.0, < 2.0.0)
    webpacker (5.4.4)
      activesupport (>= 5.2)
      rack-proxy (>= 0.6.1)
      railties (>= 5.2)
      semantic_range (>= 2.3.0)
    websocket-driver (0.7.5)
      websocket-extensions (>= 0.1.0)
    websocket-extensions (0.1.5)
    xpath (3.2.0)
      nokogiri (~> 1.8)
    yard (0.9.34)

PLATFORMS
  -darwin-21
  arm64-darwin-21
  arm64-darwin-22
  ruby

DEPENDENCIES
  active_model_serializers
  annotate
  bootstrap
  bootstrap4-kaminari-views
  brakeman
  bullet
  bundler-audit
  capybara
  capybara-email
  chromedriver-helper
  dotenv-rails
  email_spec
  factory_bot_rails
  faker
  flatpickr_rails
  foreman
  guard
  guard-rspec
  guard-rubocop
  jquery-rails
  kaminari
  letter_opener
  letter_opener_web
  listen (>= 3.0.5, < 3.3)
  lograge
  overcommit
  pg (~> 1.1)
  popper_js
  pry-alias
  pry-byebug
  pry-doc
  pry-rails
  pry-rescue
  pry-stack_explorer
  puma (~> 4.3)
  rails (~> 5.2.3)
  rails-erd
  ridgepole
  rspec-rails
  rspec_junit_formatter
  rubocop
  rubocop-performance
  rubocop-rails
  rubocop-rspec
  sass-rails (~> 6.0)
  scss_lint
  selenium-webdriver
  settingslogic
  simple_form
  simplecov
  slim-rails
  slim_lint
  sorcery
  spring
  spring-commands-rspec
  spring-watcher-listen (~> 2.0.0)
  timecop
  uglifier (>= 1.3.0)
  vcr
  virtus
  web-console (>= 3.3.0)
  webmock
  webpacker

RUBY VERSION
   ruby 2.7.8p225

BUNDLED WITH
   2.3.21
